PATH
  remote: .
  specs:
    blockchain (2.0.0)

GEM
  remote: https://rubygems.org/
  specs:
    rake (10.4.2)

PLATFORMS
  ruby

DEPENDENCIES
  blockchain!
  bundler (~> 1.7)
  rake (~> 10.0)
